GEM
  remote: http://rubygems.org/
  specs:
    bson (1.3.0)
    mongo (1.3.0)
      bson (>= 1.3.0)
    rack (1.2.2)
    sinatra (1.2.2)
      rack (~> 1.1)
      tilt (>= 1.2.2, < 2.0)
    tilt (1.3)

PLATFORMS
  ruby

DEPENDENCIES
  mongo
  sinatra (= 1.2.2)
